PATH
  remote: .
  specs:
    onnx-red-chainer (0.1.1)
      google-protobuf
      numo-narray
      red-chainer

GEM
  remote: https://rubygems.org/
  specs:
    csv (3.0.8)
    google-protobuf (3.7.1)
    numo-narray (0.9.1.4)
    power_assert (1.1.4)
    rake (10.5.0)
    red-chainer (0.4.1)
      numo-narray (>= 0.9.1.1)
      red-datasets (>= 0.0.6)
    red-datasets (0.0.8)
      csv (>= 3.0.5)
      rubyzip
    rubyzip (1.2.2)
    test-unit (3.3.2)
      power_assert

PLATFORMS
  ruby

DEPENDENCIES
  bundler (~> 1.17)
  onnx-red-chainer!
  rake (~> 10.0)
  test-unit (>= 3.2.9)

BUNDLED WITH
   1.17.2
