PATH
  remote: .
  specs:
    onnx-red-chainer (0.1.0)
      google-protobuf
      red-chainer

GEM
  remote: https://rubygems.org/
  specs:
    csv (3.0.7)
    google-protobuf (3.7.1)
    minitest (5.11.3)
    numo-narray (0.9.1.4)
    rake (10.5.0)
    red-chainer (0.4.1)
      numo-narray (>= 0.9.1.1)
      red-datasets (>= 0.0.6)
    red-datasets (0.0.8)
      csv (>= 3.0.5)
      rubyzip
    rubyzip (1.2.2)

PLATFORMS
  ruby

DEPENDENCIES
  bundler (~> 1.17)
  minitest (~> 5.0)
  onnx-red-chainer!
  rake (~> 10.0)

BUNDLED WITH
   1.17.2
